GEM
  remote: http://rubygems.org/
  specs:
    json (1.6.1)
    metaclass (0.0.1)
    mocha (0.10.0)
      metaclass (~> 0.0.1)
    rainbow (1.1.3)
    rake (0.9.2.2)
    rdoc (3.11)
      json (~> 1.4)
    shoulda (2.11.3)
    test-unit (2.4.2)

PLATFORMS
  ruby

DEPENDENCIES
  mocha
  rainbow
  rake
  rdoc
  shoulda
  test-unit
